GEM
  remote: https://rubygems.org/
  specs:
    ansi (1.5.0)
    ast (2.3.0)
    oga (2.8)
      ast
      ruby-ll (~> 2.1)
    rack (1.6.5)
    rack-protection (1.5.3)
      rack
    ruby-ll (2.1.2)
      ansi
      ast
    sinatra (1.4.7)
      rack (~> 1.5)
      rack-protection (~> 1.4)
      tilt (>= 1.3, < 3)
    tilt (2.0.5)

PLATFORMS
  ruby

DEPENDENCIES
  oga
  sinatra

BUNDLED WITH
   1.12.5
