PATH
  remote: .
  specs:
    hn-front2rss (0.1.0)
      oga (~> 2.8)
      sinatra (~> 1.4)

GEM
  remote: https://rubygems.org/
  specs:
    ansi (1.5.0)
    ast (2.3.0)
    oga (2.9)
      ast
      ruby-ll (~> 2.1)
    rack (1.6.5)
    rack-protection (1.5.3)
      rack
    ruby-ll (2.1.2)
      ansi
      ast
    sinatra (1.4.8)
      rack (~> 1.5)
      rack-protection (~> 1.4)
      tilt (>= 1.3, < 3)
    tilt (2.0.7)

PLATFORMS
  ruby

DEPENDENCIES
  bundler (~> 1.12)
  hn-front2rss!

BUNDLED WITH
   1.12.5
